GEM
  remote: https://rubygems.org/
  specs:

PLATFORMS
  universal-darwin-23

DEPENDENCIES

BUNDLED WITH
   2.2.11
